GEM
  remote: https://rubygems.org/
  specs:
    activesupport (4.0.0)
      i18n (~> 0.6, >= 0.6.4)
      minitest (~> 4.2)
      multi_json (~> 1.3)
      thread_safe (~> 0.1)
      tzinfo (~> 0.3.37)
    atomic (1.1.13)
    cas_rest_client (1.3)
      rest-client (>= 1.4.2)
    conjur-api (2.5.1)
      activesupport
      rest-client
    conjur-asset-environment-api (0.2.4)
      conjur-api
    conjur-cli (2.4.1)
      cas_rest_client
      conjur-api (~> 2.4)
      gli
      highline
      methadone
      netrc
    gli (2.7.0)
    highline (1.6.19)
    i18n (0.6.5)
    methadone (1.3.0)
      bundler
    mime-types (1.24)
    minitest (4.7.5)
    multi_json (1.7.9)
    netrc (0.7.7)
    rack (1.5.2)
    rack-protection (1.5.0)
      rack
    rest-client (1.6.7)
      mime-types (>= 1.16)
    sinatra (1.4.3)
      rack (~> 1.4)
      rack-protection (~> 1.4)
      tilt (~> 1.3, >= 1.3.4)
    slosilo (0.2.4)
    thread_safe (0.1.2)
      atomic
    tilt (1.4.1)
    tzinfo (0.3.37)

PLATFORMS
  ruby

DEPENDENCIES
  conjur-asset-environment-api
  conjur-cli
  sinatra
  slosilo
